GEM
  remote: https://rubygems.org/
  specs:
    gosu (0.10.7-x86-mingw32)

PLATFORMS
  x86-mingw32

DEPENDENCIES
  gosu
